PATH
  remote: .
  specs:
    todo (0.0.3)

GEM
  remote: https://rubygems.org/
  specs:
    coderay (1.1.1)
    diff-lcs (1.3)
    method_source (0.8.2)
    minitest (5.9.1)
    pry (0.10.4)
      coderay (~> 1.1.0)
      method_source (~> 0.8.1)
      slop (~> 3.4)
    pry-doc (0.11.1)
      pry (~> 0.9)
      yard (~> 0.9)
    rake (12.0.0)
    rdoc (5.1.0)
    rspec-mocks (3.5.0)
      diff-lcs (>= 1.2.0, < 2.0)
      rspec-support (~> 3.5.0)
    rspec-support (3.5.0)
    slop (3.6.0)
    yard (0.9.9)

PLATFORMS
  ruby

DEPENDENCIES
  minitest
  pry
  pry-doc
  rake
  rdoc
  rspec-mocks
  todo!

BUNDLED WITH
   1.14.6
